GEM
  remote: https://rubygems.org/
  specs:
    OptionParser (0.5.1)
    addressable (2.5.2)
      public_suffix (>= 2.0.2, < 4.0)
    ansi (1.5.0)
    azure (0.7.10)
      addressable (~> 2.3)
      azure-core (~> 0.1)
      faraday (~> 0.9)
      faraday_middleware (~> 0.10)
      mime-types (>= 1, < 4.0)
      nokogiri (~> 1.6)
      systemu (~> 2.6)
      thor (~> 0.19)
    azure-core (0.1.12)
      faraday (~> 0.9)
      faraday_middleware (~> 0.10)
      nokogiri (~> 1.6)
    azure_mgmt_authorization (0.13.0)
      ms_rest_azure (~> 0.9.0)
    azure_mgmt_network (0.13.0)
      ms_rest_azure (~> 0.9.0)
    azure_mgmt_policy (0.13.0)
      ms_rest_azure (~> 0.9.0)
    azure_mgmt_resources (0.13.0)
      ms_rest_azure (~> 0.9.0)
    azure_mgmt_storage (0.13.0)
      ms_rest_azure (~> 0.9.0)
    builder (3.2.3)
    byebug (9.1.0)
    coderay (1.1.2)
    concurrent-ruby (1.0.5)
    docile (1.1.5)
    domain_name (0.5.20170404)
      unf (>= 0.0.5, < 1.0.0)
    faraday (0.13.1)
      multipart-post (>= 1.2, < 3)
    faraday-cookie_jar (0.0.6)
      faraday (>= 0.7.4)
      http-cookie (~> 1.0.0)
    faraday_middleware (0.12.2)
      faraday (>= 0.7.4, < 1.0)
    http-cookie (1.0.3)
      domain_name (~> 0.5)
    json (2.1.0)
    method_source (0.9.0)
    mime-types (3.1)
      mime-types-data (~> 3.2015)
    mime-types-data (3.2016.0521)
    mini_portile2 (2.3.0)
    minitest (5.10.3)
    minitest-reporters (1.1.18)
      ansi
      builder
      minitest (>= 5.0)
      ruby-progressbar
    ms_rest (0.7.1)
      concurrent-ruby (~> 1.0)
      faraday (~> 0.9)
      timeliness (~> 0.3)
    ms_rest_azure (0.9.0)
      concurrent-ruby (~> 1.0)
      faraday (~> 0.9)
      faraday-cookie_jar (~> 0.0.6)
      ms_rest (~> 0.7.0)
    multipart-post (2.0.0)
    nokogiri (1.8.1)
      mini_portile2 (~> 2.3.0)
    pry (0.11.1)
      coderay (~> 1.1.0)
      method_source (~> 0.9.0)
    pry-byebug (3.5.0)
      byebug (~> 9.1)
      pry (~> 0.10)
    public_suffix (3.0.0)
    ruby-progressbar (1.9.0)
    simplecov (0.15.0)
      docile (~> 1.1.0)
      json (>= 1.8, < 3)
      simplecov-html (~> 0.10.0)
    simplecov-html (0.10.2)
    systemu (2.6.5)
    thor (0.20.0)
    timeliness (0.3.8)
    unf (0.1.4)
      unf_ext
    unf_ext (0.0.7.4)

PLATFORMS
  ruby

DEPENDENCIES
  OptionParser (= 0.5.1)
  azure (= 0.7.10)
  azure-core (= 0.1.12)
  azure_mgmt_authorization (= 0.13.0)
  azure_mgmt_network (= 0.13.0)
  azure_mgmt_policy (= 0.13.0)
  azure_mgmt_resources (= 0.13.0)
  azure_mgmt_storage (= 0.13.0)
  minitest
  minitest-reporters
  pry-byebug (= 3.5.0)
  simplecov (= 0.15.0)

BUNDLED WITH
   1.15.3
